PATH
  remote: .
  specs:
    sfctl (1.0.4)
      faraday (~> 1.0)
      pastel (~> 0.7)
      rake (~> 12.0)
      thor (~> 1.0)
      tty-box (~> 0.5.0)
      tty-color (~> 0.5.1)
      tty-command (~> 0.9.0)
      tty-config (~> 0.4.0)
      tty-cursor (~> 0.7.1)
      tty-editor (~> 0.5.1)
      tty-file (~> 0.8.0)
      tty-font (~> 0.5.0)
      tty-link (~> 0.1.1)
      tty-logger (~> 0.3.0)
      tty-markdown (~> 0.6.0)
      tty-pager (~> 0.12.1)
      tty-pie (~> 0.3.0)
      tty-platform (~> 0.3.0)
      tty-progressbar (~> 0.17.0)
      tty-prompt (~> 0.21.0)
      tty-reader (~> 0.7.0)
      tty-screen (~> 0.8.1)
      tty-spinner (~> 0.9.3)
      tty-table (~> 0.11.0)
      tty-tree (~> 0.4.0)
      tty-which (~> 0.4.2)

GEM
  remote: https://rubygems.org/
  specs:
    addressable (2.8.1)
      public_suffix (>= 2.0.2, < 6.0)
    ast (2.4.1)
    byebug (11.0.1)
    coderay (1.1.3)
    crack (0.4.3)
      safe_yaml (~> 1.0.0)
    diff-lcs (1.5.0)
    docile (1.3.2)
    equatable (0.7.0)
    faraday (1.0.1)
      multipart-post (>= 1.2, < 3)
    fuubar (2.5.1)
      rspec-core (~> 3.0)
      ruby-progressbar (~> 1.4)
    hashdiff (1.0.1)
    jaro_winkler (1.5.4)
    json (2.6.2)
    kramdown (1.16.2)
    method_source (1.0.0)
    multipart-post (2.1.1)
    necromancer (0.5.1)
    parallel (1.19.2)
    parser (2.7.1.4)
      ast (~> 2.4.1)
    pastel (0.7.4)
      equatable (~> 0.6)
      tty-color (~> 0.5)
    pry (0.14.1)
      coderay (~> 1.1)
      method_source (~> 1.0)
    pry-byebug (3.7.0)
      byebug (~> 11.0)
      pry (~> 0.10)
    public_suffix (4.0.7)
    rainbow (3.1.1)
    rake (12.3.3)
    rexml (3.2.4)
    rouge (3.21.0)
    rspec (3.9.0)
      rspec-core (~> 3.9.0)
      rspec-expectations (~> 3.9.0)
      rspec-mocks (~> 3.9.0)
    rspec-core (3.9.3)
      rspec-support (~> 3.9.3)
    rspec-expectations (3.9.2)
      diff-lcs (>= 1.2.0, < 2.0)
      rspec-support (~> 3.9.0)
    rspec-mocks (3.9.1)
      diff-lcs (>= 1.2.0, < 2.0)
      rspec-support (~> 3.9.0)
    rspec-support (3.9.3)
    rubocop (0.81.0)
      jaro_winkler (~> 1.5.1)
      parallel (~> 1.10)
      parser (>= 2.7.0.1)
      rainbow (>= 2.2.2, < 4.0)
      rexml
      ruby-progressbar (~> 1.7)
      unicode-display_width (>= 1.4.0, < 2.0)
    ruby-progressbar (1.10.1)
    safe_yaml (1.0.5)
    simplecov (0.17.1)
      docile (~> 1.1)
      json (>= 1.8, < 3)
      simplecov-html (~> 0.10.0)
    simplecov-html (0.10.2)
    strings (0.1.8)
      strings-ansi (~> 0.1)
      unicode-display_width (~> 1.5)
      unicode_utils (~> 1.4)
    strings-ansi (0.1.0)
    thor (1.2.1)
    tty-box (0.5.0)
      pastel (~> 0.7.2)
      strings (~> 0.1.6)
      tty-cursor (~> 0.7)
    tty-color (0.5.1)
    tty-command (0.9.0)
      pastel (~> 0.7.0)
    tty-config (0.4.0)
    tty-cursor (0.7.1)
    tty-editor (0.5.1)
      tty-prompt (~> 0.19)
      tty-which (~> 0.4)
    tty-file (0.8.0)
      diff-lcs (~> 1.3)
      pastel (~> 0.7.2)
      tty-prompt (~> 0.18)
    tty-font (0.5.0)
    tty-link (0.1.1)
    tty-logger (0.3.0)
      pastel (~> 0.7.0)
    tty-markdown (0.6.0)
      kramdown (~> 1.16.2)
      pastel (~> 0.7.2)
      rouge (~> 3.3)
      strings (~> 0.1.4)
      tty-color (~> 0.4)
      tty-screen (~> 0.6)
    tty-pager (0.12.1)
      strings (~> 0.1.4)
      tty-screen (~> 0.6)
      tty-which (~> 0.4)
    tty-pie (0.3.0)
      pastel (~> 0.7.3)
      tty-cursor (~> 0.7)
    tty-platform (0.3.0)
    tty-progressbar (0.17.0)
      strings-ansi (~> 0.1.0)
      tty-cursor (~> 0.7)
      tty-screen (~> 0.7)
      unicode-display_width (~> 1.6)
    tty-prompt (0.21.0)
      necromancer (~> 0.5.0)
      pastel (~> 0.7.0)
      tty-reader (~> 0.7.0)
    tty-reader (0.7.0)
      tty-cursor (~> 0.7)
      tty-screen (~> 0.7)
      wisper (~> 2.0.0)
    tty-screen (0.8.1)
    tty-spinner (0.9.3)
      tty-cursor (~> 0.7)
    tty-table (0.11.0)
      equatable (~> 0.6)
      necromancer (~> 0.5)
      pastel (~> 0.7.2)
      strings (~> 0.1.5)
      tty-screen (~> 0.7)
    tty-tree (0.4.0)
    tty-which (0.4.2)
    unicode-display_width (1.8.0)
    unicode_utils (1.4.0)
    webmock (3.8.3)
      addressable (>= 2.3.6)
      crack (>= 0.3.2)
      hashdiff (>= 0.4.0, < 2.0.0)
    wisper (2.0.1)

PLATFORMS
  ruby

DEPENDENCIES
  faraday
  fuubar
  pastel
  pry-byebug
  rake (~> 12.0)
  rspec
  rubocop
  sfctl!
  simplecov
  thor
  tty-box
  tty-color
  tty-command
  tty-config
  tty-cursor
  tty-editor
  tty-file
  tty-font
  tty-link
  tty-logger
  tty-markdown
  tty-pager
  tty-pie
  tty-platform
  tty-progressbar
  tty-prompt
  tty-reader
  tty-screen
  tty-spinner
  tty-table
  tty-tree
  tty-which
  webmock

BUNDLED WITH
   2.1.4
